GEM
  remote: https://rubygems.org/
  specs:
    json (2.0.3)

PLATFORMS
  ruby

DEPENDENCIES
  json

BUNDLED WITH
   1.15.1
